GEM
  remote: https://rubygems.org/
  specs:
    connection_pool (2.2.5)
    optparse (0.2.0)
    redis (4.5.1)

PLATFORMS
  ruby

DEPENDENCIES
  connection_pool
  optparse
  redis

BUNDLED WITH
   2.1.2
