GEM
  remote: https://rubygems.org/
  specs:
    jwt (2.3.0)

PLATFORMS
  x86_64-linux

DEPENDENCIES
  jwt

BUNDLED WITH
   2.2.22
