GEM
  remote: https://rubygems.org/
  specs:
    connection_pool (2.2.5)
    rack (2.2.3)
    redis (4.5.1)
    sidekiq (6.4.0)
      connection_pool (>= 2.2.2)
      rack (~> 2.0)
      redis (>= 4.2.0)

PLATFORMS
  ruby
  x86_64-linux

DEPENDENCIES
  sidekiq

BUNDLED WITH
   2.3.5
